GEM
  remote: https://rubygems.org/
  specs:
    actionmailer (2.3.9)
      actionpack (= 2.3.9)
    actionpack (2.3.9)
      activesupport (= 2.3.9)
      rack (~> 1.1.0)
    activerecord (2.3.9)
      activesupport (= 2.3.9)
    activeresource (2.3.9)
      activesupport (= 2.3.9)
    activesupport (2.3.9)
    mysql2 (0.2.1)
    rack (1.1.3)
    rails (2.3.9)
      actionmailer (= 2.3.9)
      actionpack (= 2.3.9)
      activerecord (= 2.3.9)
      activeresource (= 2.3.9)
      activesupport (= 2.3.9)
      rake (>= 0.8.3)
    rake (0.8.7)
    rcov (1.0.0)
    rspec (1.3.1)
    rspec-rails (1.3.3)
      rack (>= 1.0.0)
      rspec (= 1.3.1)

PLATFORMS
  ruby

DEPENDENCIES
  mysql2 (= 0.2.1)
  rails (= 2.3.9)
  rake (= 0.8.7)
  rcov (= 1.0.0)
  rspec (= 1.3.1)
  rspec-rails (= 1.3.3)
